GEM
  remote: https://rubygems.org/
  specs:
    frappuccino (0.2.0)

PLATFORMS
  ruby

DEPENDENCIES
  frappuccino
